PATH
  remote: .
  specs:
    captcha (0.1.0)

GEM
  remote: https://rubygems.org/
  specs:
    antigate (0.0.2)
    antigate_api (0.0.3)
    diff-lcs (1.3)
    mini_portile2 (2.3.0)
    multipart-post (2.0.0)
    nokogiri (1.8.2)
      mini_portile2 (~> 2.3.0)
    rake (10.5.0)
    rmagick (2.16.0)
    rspec (3.7.0)
      rspec-core (~> 3.7.0)
      rspec-expectations (~> 3.7.0)
      rspec-mocks (~> 3.7.0)
    rspec-core (3.7.1)
      rspec-support (~> 3.7.0)
    rspec-expectations (3.7.0)
      diff-lcs (>= 1.2.0, < 2.0)
      rspec-support (~> 3.7.0)
    rspec-mocks (3.7.0)
      diff-lcs (>= 1.2.0, < 2.0)
      rspec-support (~> 3.7.0)
    rspec-support (3.7.1)
    rtesseract (2.2.0)
      nokogiri
    two_captcha (1.4.0)

PLATFORMS
  ruby

DEPENDENCIES
  antigate
  antigate_api
  bundler (~> 1.16)
  captcha!
  multipart-post
  rake (~> 10.0)
  rmagick (~> 2.15)
  rspec (~> 3.0)
  rtesseract (~> 2.2)
  two_captcha

BUNDLED WITH
   1.16.1
